PATH
  remote: .
  specs:
    conways (0.1.0)

GEM
  remote: https://rubygems.org/
  specs:
    ast (2.4.0)
    coderay (1.1.2)
    diff-lcs (1.3)
    hike (1.2.3)
    method_source (0.9.0)
    opal (0.11.3)
      ast (>= 2.3.0)
      hike (~> 1.2)
      parser (= 2.3.3.1)
      sourcemap (~> 0.1.0)
    parser (2.3.3.1)
      ast (~> 2.2)
    pry (0.11.3)
      coderay (~> 1.1.0)
      method_source (~> 0.9.0)
    rake (10.5.0)
    rspec (3.8.0)
      rspec-core (~> 3.8.0)
      rspec-expectations (~> 3.8.0)
      rspec-mocks (~> 3.8.0)
    rspec-core (3.8.0)
      rspec-support (~> 3.8.0)
    rspec-expectations (3.8.1)
      diff-lcs (>= 1.2.0, < 2.0)
      rspec-support (~> 3.8.0)
    rspec-mocks (3.8.0)
      diff-lcs (>= 1.2.0, < 2.0)
      rspec-support (~> 3.8.0)
    rspec-support (3.8.0)
    ruby2d (0.5.1)
      opal (~> 0.11)
    sourcemap (0.1.1)

PLATFORMS
  ruby

DEPENDENCIES
  bundler (~> 1.16)
  conways!
  pry (~> 0.11.3)
  rake (~> 10.0)
  rspec (~> 3.0)
  ruby2d (~> 0.5.1)

BUNDLED WITH
   1.16.2
